GIT
  remote: https://github.com/mmotherwell/best_in_place
  revision: 88eb3052623a9a6cd346864d2aca05021c2f80d0
  specs:
    best_in_place (3.1.1)
      actionpack (>= 3.2)
      railties (>= 3.2)

GEM
  remote: https://rubygems.org/
  specs:
    actioncable (6.1.0)
      actionpack (= 6.1.0)
      activesupport (= 6.1.0)
      nio4r (~> 2.0)
      websocket-driver (>= 0.6.1)
    actionmailbox (6.1.0)
      actionpack (= 6.1.0)
      activejob (= 6.1.0)
      activerecord (= 6.1.0)
      activestorage (= 6.1.0)
      activesupport (= 6.1.0)
      mail (>= 2.7.1)
    actionmailer (6.1.0)
      actionpack (= 6.1.0)
      actionview (= 6.1.0)
      activejob (= 6.1.0)
      activesupport (= 6.1.0)
      mail (~> 2.5, >= 2.5.4)
      rails-dom-testing (~> 2.0)
    actionpack (6.1.0)
      actionview (= 6.1.0)
      activesupport (= 6.1.0)
      rack (~> 2.0, >= 2.0.9)
      rack-test (>= 0.6.3)
      rails-dom-testing (~> 2.0)
      rails-html-sanitizer (~> 1.0, >= 1.2.0)
    actiontext (6.1.0)
      actionpack (= 6.1.0)
      activerecord (= 6.1.0)
      activestorage (= 6.1.0)
      activesupport (= 6.1.0)
      nokogiri (>= 1.8.5)
    actionview (6.1.0)
      activesupport (= 6.1.0)
      builder (~> 3.1)
      erubi (~> 1.4)
      rails-dom-testing (~> 2.0)
      rails-html-sanitizer (~> 1.1, >= 1.2.0)
    activeadmin (2.14.0)
      arbre (~> 1.2, >= 1.2.1)
      formtastic (>= 3.1, < 5.0)
      formtastic_i18n (~> 0.4)
      inherited_resources (~> 1.7)
      jquery-rails (~> 4.2)
      kaminari (~> 1.0, >= 1.2.1)
      railties (>= 6.1, < 7.1)
      ransack (>= 2.1.1, < 4)
    activejob (6.1.0)
      activesupport (= 6.1.0)
      globalid (>= 0.3.6)
    activemodel (6.1.0)
      activesupport (= 6.1.0)
    activerecord (6.1.0)
      activemodel (= 6.1.0)
      activesupport (= 6.1.0)
    activerecord-postgresql-adapter (0.0.1)
      pg
    activestorage (6.1.0)
      actionpack (= 6.1.0)
      activejob (= 6.1.0)
      activerecord (= 6.1.0)
      activesupport (= 6.1.0)
      marcel (~> 0.3.1)
      mimemagic (~> 0.3.2)
    activesupport (6.1.0)
      concurrent-ruby (~> 1.0, >= 1.0.2)
      i18n (>= 1.6, < 2)
      minitest (>= 5.1)
      tzinfo (~> 2.0)
      zeitwerk (~> 2.3)
    addressable (2.8.7)
      public_suffix (>= 2.0.2, < 7.0)
    arbre (1.7.0)
      activesupport (>= 3.0.0)
      ruby2_keywords (>= 0.0.2)
    base64 (0.2.0)
    bcrypt (3.1.20)
    builder (3.3.0)
    cancan (1.6.10)
    carrierwave (2.2.0)
      activemodel (>= 5.0.0)
      activesupport (>= 5.0.0)
      addressable (~> 2.6)
      image_processing (~> 1.1)
      mimemagic (>= 0.3.0)
      mini_mime (>= 0.1.3)
      ssrf_filter (~> 1.0)
    caxlsx (3.0.4)
      htmlentities (~> 4.3, >= 4.3.4)
      mimemagic (~> 0.3)
      nokogiri (~> 1.10, >= 1.10.4)
      rubyzip (>= 1.3.0, < 3)
    chronic (0.10.2)
    climate_control (0.2.0)
    coderay (1.1.3)
    commonjs (0.2.7)
    concurrent-ruby (1.3.4)
    crass (1.0.6)
    csv (3.3.2)
    daemons (1.4.1)
    date (3.4.1)
    devise (4.9.4)
      bcrypt (~> 3.0)
      orm_adapter (~> 0.1)
      railties (>= 4.1.0)
      responders
      warden (~> 1.2.3)
    erubi (1.13.1)
    eventmachine (1.2.7)
    execjs (2.10.0)
    ffi (1.17.1-aarch64-linux-gnu)
    ffi (1.17.1-aarch64-linux-musl)
    ffi (1.17.1-arm-linux-gnu)
    ffi (1.17.1-arm-linux-musl)
    ffi (1.17.1-arm64-darwin)
    ffi (1.17.1-x86_64-darwin)
    ffi (1.17.1-x86_64-linux-gnu)
    ffi (1.17.1-x86_64-linux-musl)
    font-awesome-rails (4.7.0.9)
      railties (>= 3.2, < 9.0)
    formtastic (4.0.0)
      actionpack (>= 5.2.0)
    formtastic_i18n (0.7.0)
    friendly_id (5.5.1)
      activerecord (>= 4.0.0)
    geocoder (1.8.5)
      base64 (>= 0.1.0)
      csv (>= 3.0.0)
    globalid (1.2.1)
      activesupport (>= 6.1)
    has_scope (0.8.2)
      actionpack (>= 5.2)
      activesupport (>= 5.2)
    htmlentities (4.3.4)
    i18n (1.14.7)
      concurrent-ruby (~> 1.0)
    image_processing (1.13.0)
      mini_magick (>= 4.9.5, < 5)
      ruby-vips (>= 2.0.17, < 3)
    inherited_resources (1.14.0)
      actionpack (>= 6.0)
      has_scope (>= 0.6)
      railties (>= 6.0)
      responders (>= 2)
    jquery-rails (4.6.0)
      rails-dom-testing (>= 1, < 3)
      railties (>= 4.2.0)
      thor (>= 0.14, < 2.0)
    kaminari (1.2.2)
      activesupport (>= 4.1.0)
      kaminari-actionview (= 1.2.2)
      kaminari-activerecord (= 1.2.2)
      kaminari-core (= 1.2.2)
    kaminari-actionview (1.2.2)
      actionview
      kaminari-core (= 1.2.2)
    kaminari-activerecord (1.2.2)
      activerecord
      kaminari-core (= 1.2.2)
    kaminari-core (1.2.2)
    less (2.6.0)
      commonjs (~> 0.2.7)
    less-rails (5.0.0)
      actionpack (>= 5.0)
      less (~> 2.6.0)
      sprockets (~> 3.0)
    libv8 (3.16.14.19.1)
    libv8 (3.16.14.19.1-arm-linux)
    libv8 (3.16.14.19.1-armv7l-linux)
    libv8 (3.16.14.19.1-universal-darwin)
    libv8 (3.16.14.19.1-x86_64-darwin)
    libv8 (3.16.14.19.1-x86_64-linux)
    logger (1.6.5)
    loofah (2.24.0)
      crass (~> 1.0.2)
      nokogiri (>= 1.12.0)
    mail (2.8.1)
      mini_mime (>= 0.1.1)
      net-imap
      net-pop
      net-smtp
    marcel (0.3.3)
      mimemagic (~> 0.3.2)
    method_source (1.1.0)
    mime-types (3.6.0)
      logger
      mime-types-data (~> 3.2015)
    mime-types-data (3.2025.0107)
    mimemagic (0.3.10)
      nokogiri (~> 1)
      rake
    mini_magick (4.13.2)
    mini_mime (1.1.5)
    minitest (5.25.4)
    mocha (2.7.1)
      ruby2_keywords (>= 0.0.5)
    nested_form (0.3.2)
    net-imap (0.5.5)
      date
      net-protocol
    net-pop (0.1.2)
      net-protocol
    net-protocol (0.2.2)
      timeout
    net-smtp (0.5.0)
      net-protocol
    nio4r (2.7.4)
    nokogiri (1.18.2-aarch64-linux-gnu)
      racc (~> 1.4)
    nokogiri (1.18.2-aarch64-linux-musl)
      racc (~> 1.4)
    nokogiri (1.18.2-arm-linux-gnu)
      racc (~> 1.4)
    nokogiri (1.18.2-arm-linux-musl)
      racc (~> 1.4)
    nokogiri (1.18.2-arm64-darwin)
      racc (~> 1.4)
    nokogiri (1.18.2-x86_64-darwin)
      racc (~> 1.4)
    nokogiri (1.18.2-x86_64-linux-gnu)
      racc (~> 1.4)
    nokogiri (1.18.2-x86_64-linux-musl)
      racc (~> 1.4)
    orm_adapter (0.5.0)
    paperclip (6.1.0)
      activemodel (>= 4.2.0)
      activesupport (>= 4.2.0)
      mime-types
      mimemagic (~> 0.3.0)
      terrapin (~> 0.6.0)
    pg (1.5.9)
    pry (0.15.2)
      coderay (~> 1.1)
      method_source (~> 1.0)
    public_suffix (6.0.1)
    racc (1.8.1)
    rack (2.2.10)
    rack-test (2.2.0)
      rack (>= 1.3)
    rails (6.1.0)
      actioncable (= 6.1.0)
      actionmailbox (= 6.1.0)
      actionmailer (= 6.1.0)
      actionpack (= 6.1.0)
      actiontext (= 6.1.0)
      actionview (= 6.1.0)
      activejob (= 6.1.0)
      activemodel (= 6.1.0)
      activerecord (= 6.1.0)
      activestorage (= 6.1.0)
      activesupport (= 6.1.0)
      bundler (>= 1.15.0)
      railties (= 6.1.0)
      sprockets-rails (>= 2.0.0)
    rails-dom-testing (2.2.0)
      activesupport (>= 5.0.0)
      minitest
      nokogiri (>= 1.6)
    rails-html-sanitizer (1.6.2)
      loofah (~> 2.21)
      nokogiri (>= 1.15.7, != 1.16.7, != 1.16.6, != 1.16.5, != 1.16.4, != 1.16.3, != 1.16.2, != 1.16.1, != 1.16.0.rc1, != 1.16.0)
    rails-simple-search (0.9.9)
    railties (6.1.0)
      actionpack (= 6.1.0)
      activesupport (= 6.1.0)
      method_source
      rake (>= 0.8.7)
      thor (~> 1.0)
    rake (13.2.1)
    ransack (3.1.0)
      activerecord (>= 6.0.4)
      activesupport (>= 6.0.4)
      i18n
    ref (2.0.0)
    responders (3.1.1)
      actionpack (>= 5.2)
      railties (>= 5.2)
    rest-client (1.6.7)
      mime-types (>= 1.16)
    ruby-vips (2.2.2)
      ffi (~> 1.12)
      logger
    ruby2_keywords (0.0.5)
    rubyzip (2.4.1)
    sassc (2.4.0)
      ffi (~> 1.9)
    sassc-rails (2.1.2)
      railties (>= 4.0.0)
      sassc (>= 2.0)
      sprockets (> 3.0)
      sprockets-rails
      tilt
    sequel (3.20.0)
    sinatra (1.0)
      rack (>= 1.0)
    sprockets (3.7.5)
      base64
      concurrent-ruby (~> 1.0)
      rack (> 1, < 3)
    sprockets-rails (3.5.2)
      actionpack (>= 6.1)
      activesupport (>= 6.1)
      sprockets (>= 3.0.0)
    ssrf_filter (1.2.0)
    taps (0.3.24)
      rack (>= 1.0.1)
      rest-client (>= 1.4.0, < 1.7.0)
      sequel (~> 3.20.0)
      sinatra (~> 1.0.0)
    terrapin (0.6.0)
      climate_control (>= 0.0.3, < 1.0)
    therubyracer (0.12.3)
      libv8 (~> 3.16.14.15)
      ref
    thin (1.8.2)
      daemons (~> 1.0, >= 1.0.9)
      eventmachine (~> 1.0, >= 1.0.4)
      rack (>= 1, < 3)
    thor (1.3.2)
    tilt (2.6.0)
    timeliness (0.3.10)
    timeout (0.4.3)
    to_spreadsheet (1.1.0)
      caxlsx
      chronic
      nokogiri
      rails
      responders
    twitter-bootstrap-rails (3.2.2)
      actionpack (>= 3.1)
      execjs (>= 2.2.2, >= 2.2)
      less-rails (>= 2.5.0)
      railties (>= 3.1)
    tzinfo (2.0.6)
      concurrent-ruby (~> 1.0)
    validates_timeliness (3.0.15)
      timeliness (~> 0.3.7)
    warden (1.2.9)
      rack (>= 2.0.9)
    websocket-driver (0.7.7)
      base64
      websocket-extensions (>= 0.1.0)
    websocket-extensions (0.1.5)
    whenever (0.8.4)
      activesupport (>= 2.3.4)
      chronic (>= 0.6.3)
    workflow (3.1.1)
    zeitwerk (2.6.18)

PLATFORMS
  aarch64-linux-gnu
  aarch64-linux-musl
  arm-linux
  arm-linux-gnu
  arm-linux-musl
  arm64-darwin
  armv7l-linux
  universal-darwin
  x86_64-darwin
  x86_64-linux-gnu
  x86_64-linux-musl

DEPENDENCIES
  activeadmin
  activerecord-postgresql-adapter
  best_in_place!
  cancan
  carrierwave
  concurrent-ruby (= 1.3.4)
  devise
  execjs
  font-awesome-rails
  friendly_id
  geocoder
  kaminari
  less-rails
  mocha
  nested_form
  paperclip
  pg
  pry
  rails (= 6.1)
  rails-simple-search (~> 0.9.3)
  sassc-rails
  taps
  therubyracer
  thin
  to_spreadsheet
  twitter-bootstrap-rails
  validates_timeliness (~> 3.0)
  whenever (~> 0.8.0)
  workflow

BUNDLED WITH
   2.6.3
